GEM
  remote: https://rubygems.org/
  specs:
    addressable (2.3.5)
    ansi (1.4.3)
    async-rack (0.5.1)
      rack (~> 1.1)
    builder (3.2.2)
    cookiejar (0.3.0)
    em-http-request (1.1.1)
      addressable (>= 2.3.4)
      cookiejar
      em-socksify (>= 0.3)
      eventmachine (>= 1.0.3)
      http_parser.rb (>= 0.6.0.beta.2)
    em-socksify (0.3.0)
      eventmachine (>= 1.0.0.beta.4)
    em-synchrony (1.0.3)
      eventmachine (>= 1.0.0.beta.1)
    em-websocket (0.3.8)
      addressable (>= 2.1.1)
      eventmachine (>= 0.12.9)
    eventmachine (1.0.3)
    goliath (1.0.3)
      async-rack
      em-synchrony (>= 1.0.0)
      em-websocket (= 0.3.8)
      eventmachine (>= 1.0.0.beta.4)
      http_parser.rb (= 0.6.0.beta.2)
      log4r
      multi_json
      rack (>= 1.2.2)
      rack-contrib
      rack-respond_to
    hashie (2.0.5)
    hiredis (0.4.5)
    http_parser.rb (0.6.0.beta.2)
    json (1.8.1)
    log4r (1.1.10)
    minitest (5.0.8)
    minitest-reporters (1.0.0)
      ansi
      builder
      minitest (>= 5.0)
      powerbar
    multi_json (1.8.2)
    powerbar (1.0.11)
      ansi (~> 1.4.0)
      hashie (>= 1.1.0)
    rack (1.5.2)
    rack-accept-media-types (0.9)
    rack-contrib (1.1.0)
      rack (>= 0.9.1)
    rack-respond_to (0.9.8)
      rack-accept-media-types (>= 0.6)
    rake (10.1.0)
    redis (3.0.6)
    rubysl-base64 (2.0.0)
    rubysl-prettyprint (2.0.2)

PLATFORMS
  ruby

DEPENDENCIES
  em-http-request
  goliath
  hiredis
  json
  minitest
  minitest-reporters
  rake
  redis
  rubysl-base64
  rubysl-prettyprint
